GEM
  remote: https://rubygems.org/
  specs:
    rack (1.6.0)
    useragent (0.13.3)

PLATFORMS
  ruby

DEPENDENCIES
  rack
  useragent
